GEM
  remote: https://rubygems.org/
  specs:
    ansi (1.5.0)
    builder (3.3.0)
    drb (2.2.3)
    io-console (0.8.0)
    minitest (5.25.5)
    minitest-autotest (1.1.1)
      minitest-server (~> 1.0)
      path_expander (~> 1.0)
    minitest-reporters (1.7.1)
      ansi
      builder
      minitest (>= 5.0)
      ruby-progressbar
    minitest-server (1.0.8)
      drb (~> 2.0)
      minitest (~> 5.16)
    path_expander (1.1.3)
    reline (0.6.1)
      io-console (~> 0.5)
    ruby-progressbar (1.13.0)

PLATFORMS
  aarch64-linux-gnu
  aarch64-linux-musl
  arm-linux-gnu
  arm-linux-musl
  arm64-darwin
  ruby
  x86-linux-gnu
  x86-linux-musl
  x86_64-darwin
  x86_64-linux-gnu
  x86_64-linux-musl

DEPENDENCIES
  minitest (~> 5.25.5)
  minitest-autotest (~> 1.1.1)
  minitest-reporters (~> 1.7.1)
  reline (~> 0.6.1)

RUBY VERSION
   ruby 3.4.2p28

BUNDLED WITH
   2.6.9
